GEM
  remote: https://rubygems.org/
  specs:
    diff-lcs (1.2.5)
    dotenv (2.1.1)
    httparty (0.14.0)
      multi_xml (>= 0.5.2)
    multi_xml (0.5.5)
    rspec (3.5.0)
      rspec-core (~> 3.5.0)
      rspec-expectations (~> 3.5.0)
      rspec-mocks (~> 3.5.0)
    rspec-core (3.5.2)
      rspec-support (~> 3.5.0)
    rspec-expectations (3.5.0)
      diff-lcs (>= 1.2.0, < 2.0)
      rspec-support (~> 3.5.0)
    rspec-mocks (3.5.0)
      diff-lcs (>= 1.2.0, < 2.0)
      rspec-support (~> 3.5.0)
    rspec-support (3.5.0)

PLATFORMS
  ruby

DEPENDENCIES
  dotenv (~> 2.1.1)
  httparty (~> 0.14.0)
  rspec (~> 3.5.0)

RUBY VERSION
   ruby 2.3.1p112

BUNDLED WITH
   1.12.5
